GEM
  remote: https://rubygems.org/
  specs:
    RubyInline (3.12.4)
      ZenTest (~> 4.3)
    ZenTest (4.11.2)
    cocoapods-keys (2.1.0)
      dotenv
      osx_keychain
    dotenv (2.7.5)
    osx_keychain (1.0.2)
      RubyInline (~> 3)

PLATFORMS
  ruby

DEPENDENCIES
  cocoapods-keys

BUNDLED WITH
   1.16.5
